GEM
  remote: http://rubygems.org/
  specs:
    nokogiri (1.5.2)
    term-ansicolor (1.0.7)

PLATFORMS
  ruby

DEPENDENCIES
  nokogiri
  term-ansicolor
